GEM
  remote: https://rubygems.org/
  specs:
    fileutils (1.4.1)

PLATFORMS
  ruby

DEPENDENCIES
  fileutils

BUNDLED WITH
   1.17.2
